GEM
  remote: http://rubygems.org/
  specs:
    hpricot (0.8.5)
    json (1.6.6)
    oauth (0.4.5)
    twitter4r (0.7.0)
      json (>= 1.1.1)
      oauth (>= 0.4.1)

PLATFORMS
  ruby

DEPENDENCIES
  hpricot
  twitter4r
